PATH
  remote: .
  specs:
    zendesk-populator (0.0.5)
      activerecord (= 3.0.3)
      emk-sinatra-url-for
      fastercsv
      httparty
      sinatra
      sinatra-static-assets
      sqlite3

GEM
  remote: http://rubygems.org/
  specs:
    activemodel (3.0.3)
      activesupport (= 3.0.3)
      builder (~> 2.1.2)
      i18n (~> 0.4)
    activerecord (3.0.3)
      activemodel (= 3.0.3)
      activesupport (= 3.0.3)
      arel (~> 2.0.2)
      tzinfo (~> 0.3.23)
    activesupport (3.0.3)
    arel (2.0.10)
    builder (2.1.2)
    emk-sinatra-url-for (0.2.1)
      sinatra (>= 0.9.1.1)
    fastercsv (1.5.4)
    httparty (0.8.2)
      multi_json
      multi_xml
    i18n (0.6.0)
    multi_json (1.2.0)
    multi_xml (0.4.2)
    rack (1.4.1)
    rack-protection (1.2.0)
      rack
    sinatra (1.3.2)
      rack (~> 1.3, >= 1.3.6)
      rack-protection (~> 1.2)
      tilt (~> 1.3, >= 1.3.3)
    sinatra-static-assets (1.0.3)
      sinatra (>= 1.1.0)
    sqlite3 (1.3.5)
    tilt (1.3.3)
    tzinfo (0.3.33)

PLATFORMS
  ruby

DEPENDENCIES
  zendesk-populator!
