PATH
  remote: .
  specs:
    zendesk-populator (0.0.5)
      activerecord (= 3.1.0)
      emk-sinatra-url-for
      fastercsv
      httparty
      sinatra
      sinatra-static-assets
      sqlite3

GEM
  remote: http://rubygems.org/
  specs:
    activemodel (3.1.0)
      activesupport (= 3.1.0)
      bcrypt-ruby (~> 3.0.0)
      builder (~> 3.0.0)
      i18n (~> 0.6)
    activerecord (3.1.0)
      activemodel (= 3.1.0)
      activesupport (= 3.1.0)
      arel (~> 2.2.1)
      tzinfo (~> 0.3.29)
    activesupport (3.1.0)
      multi_json (~> 1.0)
    arel (2.2.3)
    bcrypt-ruby (3.0.1)
    builder (3.0.4)
    concurrent-ruby (1.0.5)
    emk-sinatra-url-for (0.2.1)
      sinatra (>= 0.9.1.1)
    fastercsv (1.5.5)
    httparty (0.16.2)
      multi_xml (>= 0.5.2)
    i18n (0.9.5)
      concurrent-ruby (~> 1.0)
    multi_json (1.13.1)
    multi_xml (0.6.0)
    mustermann (1.0.2)
    rack (2.0.5)
    rack-protection (2.0.3)
      rack
    sinatra (2.0.3)
      mustermann (~> 1.0)
      rack (~> 2.0)
      rack-protection (= 2.0.3)
      tilt (~> 2.0)
    sinatra-static-assets (1.0.4)
      sinatra (>= 1.1.0)
    sqlite3 (1.3.13)
    tilt (2.0.8)
    tzinfo (0.3.54)

PLATFORMS
  ruby

DEPENDENCIES
  zendesk-populator!

BUNDLED WITH
   1.16.1
